GEM
  remote: http://rubygems.org/
  specs:
    abstract (1.0.0)
    actionmailer (2.3.11)
      actionpack (= 2.3.11)
    actionpack (2.3.11)
      activesupport (= 2.3.11)
      rack (~> 1.1.0)
    activerecord (2.3.11)
      activesupport (= 2.3.11)
    activeresource (2.3.11)
      activesupport (= 2.3.11)
    activesupport (2.3.11)
    aws-s3 (0.6.2)
      builder
      mime-types
      xml-simple
    builder (2.1.2)
    curb (0.7.15)
    daemons (1.0.10)
    delayed_job (2.0.7)
      activesupport (~> 2.0)
      daemons (= 1.0.10)
    erubis (2.6.6)
      abstract (>= 1.0.0)
    escape (0.0.4)
    feedzirra (0.0.24)
      activesupport (>= 2.3.8)
      builder (>= 2.1.2)
      curb (>= 0.2.3)
      loofah (>= 0.3.1)
      nokogiri (> 0.0.0)
      sax-machine (>= 0.0.12)
    gd2 (1.1.1)
    git (1.2.5)
    haml (3.1.1)
    i18n (0.4.2)
    jeweler (1.6.0)
      bundler (~> 1.0.0)
      git (>= 1.2.5)
      rake
    json (1.4.6)
    loofah (1.0.0)
      nokogiri (>= 1.3.3)
    mime-types (1.16)
    mysql (2.8.1)
    nokogiri (1.4.4)
    permalink_fu (1.0.0)
    pr_geohash (1.0.0)
    rack (1.1.2)
    rails (2.3.11)
      actionmailer (= 2.3.11)
      actionpack (= 2.3.11)
      activerecord (= 2.3.11)
      activeresource (= 2.3.11)
      activesupport (= 2.3.11)
      rake (>= 0.8.3)
    rake (0.9.0)
    rio (0.4.2)
    rsolr (0.12.1)
      builder (>= 2.1.2)
    sass (3.1.1)
    sax-machine (0.0.16)
      nokogiri (> 0.0.0)
    searchlogic (2.4.25)
      activerecord (>= 2.0.0)
    sunspot (1.2.1)
      escape (= 0.0.4)
      pr_geohash (~> 1.0)
      rsolr (= 0.12.1)
    sunspot_rails (1.2.1)
      nokogiri
      sunspot (= 1.2.1)
    symbolize (3.0.1)
    will_paginate (2.3.14)
    xml-simple (1.0.15)

PLATFORMS
  ruby

DEPENDENCIES
  aws-s3 (= 0.6.2)
  builder (= 2.1.2)
  daemons (= 1.0.10)
  delayed_job (= 2.0.7)
  erubis (= 2.6.6)
  feedzirra (= 0.0.24)
  gd2 (= 1.1.1)
  haml (>= 3.0.13)
  i18n (= 0.4.2)
  jeweler
  json (= 1.4.6)
  mysql (= 2.8.1)
  nokogiri (= 1.4.4)
  permalink_fu (= 1.0.0)
  rails (~> 2.3.11)
  rio (= 0.4.2)
  sass
  sax-machine (= 0.0.16)
  searchlogic (= 2.4.25)
  sunspot_rails (= 1.2.1)
  symbolize (= 3.0.1)
  will_paginate (= 2.3.14)
